PATH
  remote: .
  specs:
    rapnd (0.5.0)
      activesupport
      airbrake
      daemons (= 1.1.6)
      hiredis (~> 0.4.4)
      i18n
      redis (~> 3.0.2)

GEM
  remote: http://rubygems.org/
  specs:
    activesupport (3.2.12)
      i18n (~> 0.6)
      multi_json (~> 1.0)
    airbrake (3.1.8)
      activesupport
      builder
      json
    builder (3.2.0)
    daemons (1.1.6)
    diff-lcs (1.1.3)
    git (1.2.5)
    hiredis (0.4.5)
    i18n (0.6.4)
    jeweler (1.6.4)
      bundler (~> 1.0)
      git (>= 1.2.5)
      rake
    json (1.7.7)
    metaclass (0.0.1)
    mocha (0.10.3)
      metaclass (~> 0.0.1)
    multi_json (1.6.1)
    rake (0.9.3.beta.1)
    redis (3.0.3)
    rspec (2.8.0)
      rspec-core (~> 2.8.0)
      rspec-expectations (~> 2.8.0)
      rspec-mocks (~> 2.8.0)
    rspec-core (2.8.0)
    rspec-expectations (2.8.0)
      diff-lcs (~> 1.1.2)
    rspec-mocks (2.8.0)

PLATFORMS
  ruby

DEPENDENCIES
  bundler
  jeweler
  mocha
  rapnd!
  rspec
